GEM
  remote: https://rubygems.org/
  specs:
    algorithmia (0.2.0)
      httparty (~> 0.13.1)
      json (~> 1.8)
      rake (~> 10.4)
    httparty (0.13.7)
      json (~> 1.8)
      multi_xml (>= 0.5.2)
    json (1.8.3)
    multi_xml (0.5.5)
    rake (10.5.0)

PLATFORMS
  ruby

DEPENDENCIES
  algorithmia

BUNDLED WITH
   1.10.6
